PATH
  remote: ../..
  specs:
    sitemap_generator (6.1.2)
      builder (~> 3.0)

GEM
  remote: https://rubygems.org/
  specs:
    appraisal (2.4.1)
      bundler
      rake
      thor (>= 0.14.0)
    builder (3.2.4)
    rake (13.0.6)
    rspec-core (3.10.1)
      rspec-support (~> 3.10.0)
    rspec-support (3.10.3)
    rspec_junit_formatter (0.5.1)
      rspec-core (>= 2, < 4, != 2.12.0)
    sqlite3 (1.4.2)
    thor (1.2.1)

PLATFORMS
  ruby

DEPENDENCIES
  appraisal
  rspec_junit_formatter
  sitemap_generator!
  sqlite3

BUNDLED WITH
   2.1.2
