PATH
  remote: ../..
  specs:
    sitemap_generator (6.1.2)
      builder (~> 3.0)

GEM
  remote: https://rubygems.org/
  specs:
    appraisal (2.4.1)
      bundler
      rake
      thor (>= 0.14.0)
    builder (3.2.4)
    rake (13.0.6)
    sqlite3 (1.4.2)
    thor (1.2.1)

PLATFORMS
  ruby

DEPENDENCIES
  appraisal
  sitemap_generator!
  sqlite3

BUNDLED WITH
   2.1.2
